GEM
  remote: https://rubygems.org/
  specs:
    bosh-template (2.2.1)
      semi_semantic (~> 1.2.0)
    diff-lcs (1.4.4)
    rspec (3.10.0)
      rspec-core (~> 3.10.0)
      rspec-expectations (~> 3.10.0)
      rspec-mocks (~> 3.10.0)
    rspec-core (3.10.1)
      rspec-support (~> 3.10.0)
    rspec-expectations (3.10.1)
      diff-lcs (>= 1.2.0, < 2.0)
      rspec-support (~> 3.10.0)
    rspec-its (1.3.0)
      rspec-core (>= 3.0.0)
      rspec-expectations (>= 3.0.0)
    rspec-mocks (3.10.2)
      diff-lcs (>= 1.2.0, < 2.0)
      rspec-support (~> 3.10.0)
    rspec-support (3.10.2)
    semi_semantic (1.2.0)

PLATFORMS
  x86_64-darwin-20

DEPENDENCIES
  bosh-template
  rspec
  rspec-its

BUNDLED WITH
   2.2.26
